GIT
  remote: git://github.com/phsr/notifo
  revision: 0b59330f0907061d85338d21dd1d73cec12f9712
  specs:
    notifo (0.1.2)
      httparty (~> 0.4.5)

GEM
  remote: http://rubygems.org/
  specs:
    addressable (2.2.2)
    amqp (0.6.7)
      eventmachine (>= 0.12.4)
    bunny (0.6.0)
    configatron (2.6.4)
      yamler (>= 0.1.0)
    crack (0.1.8)
    em-http-request (0.2.12)
      addressable (>= 2.0.0)
      eventmachine (>= 0.12.9)
    eventmachine (0.12.10)
    httparty (0.4.5)
      crack (>= 0.1.1)
    nest (1.0.1)
      redis (~> 2.1)
    oauth (0.4.4)
    ohm (0.1.3)
      nest (~> 1.0)
    rack (1.2.1)
    redis (2.1.1)
    sinatra (1.1.0)
      rack (~> 1.1)
      tilt (~> 1.1)
    tilt (1.1)
    yajl-ruby (0.7.7)
    yamler (0.1.0)

PLATFORMS
  ruby

DEPENDENCIES
  amqp
  bunny
  configatron
  em-http-request
  notifo (>= 0.1.2)!
  oauth
  ohm
  sinatra
  yajl-ruby
